GIT
  remote: https://github.com/UNC-Libraries/sierra-postgres-utilities
  revision: abf678a594d5f98cf9404f25d926bf794ff527d2
  tag: v0.2.2
  specs:
    sierra_postgres_utilities (0.2.2)
      mail (~> 2.6)
      marc (~> 1.0)
      pg (~> 1.1)

GEM
  remote: https://rubygems.org/
  specs:
    diff-lcs (1.3)
    mail (2.7.1)
      mini_mime (>= 0.1.1)
    marc (1.0.4)
      scrub_rb (>= 1.0.1, < 2)
      unf
    mini_mime (1.0.1)
    pg (1.1.4-x64-mingw32)
    rspec (3.8.0)
      rspec-core (~> 3.8.0)
      rspec-expectations (~> 3.8.0)
      rspec-mocks (~> 3.8.0)
    rspec-core (3.8.0)
      rspec-support (~> 3.8.0)
    rspec-expectations (3.8.2)
      diff-lcs (>= 1.2.0, < 2.0)
      rspec-support (~> 3.8.0)
    rspec-mocks (3.8.0)
      diff-lcs (>= 1.2.0, < 2.0)
      rspec-support (~> 3.8.0)
    rspec-support (3.8.0)
    scrub_rb (1.0.1)
    unf (0.1.4)
      unf_ext
    unf_ext (0.0.7.6)

PLATFORMS
  x64-mingw32

DEPENDENCIES
  rspec (~> 3.0)
  sierra_postgres_utilities!

BUNDLED WITH
   1.16.0
